PATH
  remote: .
  specs:
    Hatter (0.0.1)

GEM
  remote: http://rubygems.org/
  specs:
    assertions (1.4.1)
    coderay (1.0.8)
    configtoolkit (2.3.2)
      assertions (>= 1.0.0)
      relative (>= 1.0.0)
    diff-lcs (1.1.3)
    ffi (1.3.1)
    ffi (1.3.1-x86-mingw32)
    ffi-locale (1.0.1)
      ffi (>= 1.0.9)
    ffi-ncurses (0.4.0)
      ffi (>= 1.0.9)
      ffi-locale (>= 1.0.0)
    i18n (0.6.1)
    mail (2.5.3)
      i18n (>= 0.4.0)
      mime-types (~> 1.16)
      treetop (~> 1.4.8)
    method_source (0.8.1)
    mime-types (1.19)
    polyglot (0.3.3)
    pry (0.9.11.4)
      coderay (~> 1.0.5)
      method_source (~> 0.8)
      slop (~> 3.4)
    pry (0.9.11.4-x86-mingw32)
      coderay (~> 1.0.5)
      method_source (~> 0.8)
      slop (~> 3.4)
      win32console (~> 1.3)
    rake (10.0.3)
    rbcurse (1.5.2)
      rbcurse-core (>= 0.0)
      rbcurse-extras (>= 0.0)
    rbcurse-core (0.0.3)
      ffi-ncurses (>= 0.4.0)
    rbcurse-extras (0.0.0)
      rbcurse-core (>= 0.0.3)
    relative (1.0.3)
    rspec (2.12.0)
      rspec-core (~> 2.12.0)
      rspec-expectations (~> 2.12.0)
      rspec-mocks (~> 2.12.0)
    rspec-core (2.12.2)
    rspec-expectations (2.12.1)
      diff-lcs (~> 1.1.3)
    rspec-mocks (2.12.2)
    slop (3.4.3)
    treetop (1.4.12)
      polyglot
      polyglot (>= 0.3.1)
    win32console (1.3.2-x86-mingw32)

PLATFORMS
  ruby
  x86-mingw32

DEPENDENCIES
  Hatter!
  configtoolkit
  mail
  pry
  rake
  rbcurse
  rspec
